PATH
  remote: .
  specs:
    turf-ruby (0.3.0)

GEM
  remote: https://rubygems.org/
  specs:
    minitest (5.14.0)
    minitest-focus (1.2.1)
      minitest (>= 4, < 6)
    rake (12.3.3)

PLATFORMS
  ruby

DEPENDENCIES
  minitest (~> 5.0)
  minitest-focus
  rake (~> 12.0)
  turf-ruby!

BUNDLED WITH
   2.1.4
